GEM
  remote: https://rubygems.org/
  specs:
    em-redis (0.3.0)
      eventmachine
    em-zeromq (0.2.1)
      eventmachine (>= 1.0.0.beta.3)
      ffi-rzmq (>= 0.7.2)
    eventmachine (1.0.0.beta.4)
    ffi (1.0.11)
    ffi-rzmq (0.7.2)
    foreman (0.41.0)
      thor (>= 0.13.6)
    thor (0.14.6)

PLATFORMS
  ruby

DEPENDENCIES
  em-redis
  em-zeromq
  eventmachine
  ffi
  ffi-rzmq (= 0.7.2)
  foreman
